PATH
  remote: .
  specs:
    covid_data (0.1.0)
      nokogiri

GEM
  remote: https://rubygems.org/
  specs:
    coderay (1.1.3)
    io-wait (0.1.0)
    json (2.5.1)
    method_source (1.0.0)
    mini_portile2 (2.5.3)
    net-http (0.1.1)
      net-protocol
      uri
    net-protocol (0.1.1)
      io-wait
      timeout
    nokogiri (1.11.7)
      mini_portile2 (~> 2.5.0)
      racc (~> 1.4)
    pry (0.14.1)
      coderay (~> 1.1)
      method_source (~> 1.0)
    racc (1.5.2)
    rake (12.3.3)
    timeout (0.1.1)
    uri (0.10.1)

PLATFORMS
  ruby

DEPENDENCIES
  bundler (~> 2.0)
  covid_data!
  json
  net-http
  pry
  rake (~> 12.0)

BUNDLED WITH
   2.1.4
